GEM
  remote: https://rubygems.org/
  specs:
    awesome_print (1.8.0)
    backports (3.20.0)
    clbustos-rtf (0.4.2)
    daru (0.1.6)
      backports
    dirty-memoize (0.0.4)
    distribution (0.8.0)
    extendmatrix (0.4)
    minimization (0.2.5)
      text-table (~> 1.2)
    prawn (0.8.4)
      prawn-core (>= 0.8.4, < 0.9)
      prawn-layout (>= 0.8.4, < 0.9)
      prawn-security (>= 0.8.4, < 0.9)
    prawn-core (0.8.4)
    prawn-layout (0.8.4)
    prawn-security (0.8.4)
    prawn-svg (0.9.1.11)
      prawn (>= 0.8.4)
    reportbuilder (1.4.2)
      clbustos-rtf (~> 0.4.0)
      prawn (~> 0.8.4)
      prawn-svg (~> 0.9.1)
      text-table (~> 1.2)
    rserve-client (0.3.5)
    ruby-ole (1.2.12.2)
    rubyvis (0.6.1)
    spreadsheet (1.2.6)
      ruby-ole (>= 1.0)
    statsample (2.0.2)
      awesome_print (~> 1.6)
      daru (~> 0.1)
      dirty-memoize (~> 0.0.4)
      distribution (~> 0.7)
      extendmatrix (~> 0.4)
      minimization (~> 0.2)
      reportbuilder (~> 1.4)
      rserve-client (~> 0.3)
      rubyvis (~> 0.6.1)
      spreadsheet (~> 1.1)
    text-table (1.2.4)

PLATFORMS
  ruby
  universal-darwin-19

DEPENDENCIES
  daru (= 0.1.6)
  statsample

BUNDLED WITH
   2.2.4
